GEM
  remote: https://rubygems.org/
  specs:
    rack (3.2.1)
    rackup (2.2.1)
      rack (>= 3)
    webrick (1.9.1)

PLATFORMS
  arm64-darwin-24
  ruby

DEPENDENCIES
  rackup
  webrick

RUBY VERSION
   ruby 3.2.8p263

BUNDLED WITH
   2.7.1
