GEM
  remote: http://rubygems.org/
  specs:
    rack (2.0.9.4)
    webrick (1.9.1)

PLATFORMS
  arm64-darwin-24
  ruby

DEPENDENCIES
  rack (~> 2.0.1)
  webrick

BUNDLED WITH
   2.7.1
